PATH
  remote: .
  specs:
    mkaudit (0.1.0)
      tty-file (~> 0.8.0)

GEM
  remote: https://rubygems.org/
  specs:
    diff-lcs (1.4.4)
    equatable (0.7.0)
    necromancer (0.5.1)
    pastel (0.7.4)
      equatable (~> 0.6)
      tty-color (~> 0.5)
    rake (13.0.6)
    rspec (3.10.0)
      rspec-core (~> 3.10.0)
      rspec-expectations (~> 3.10.0)
      rspec-mocks (~> 3.10.0)
    rspec-core (3.10.1)
      rspec-support (~> 3.10.0)
    rspec-expectations (3.10.1)
      diff-lcs (>= 1.2.0, < 2.0)
      rspec-support (~> 3.10.0)
    rspec-mocks (3.10.2)
      diff-lcs (>= 1.2.0, < 2.0)
      rspec-support (~> 3.10.0)
    rspec-support (3.10.3)
    tty-color (0.6.0)
    tty-cursor (0.7.1)
    tty-file (0.8.0)
      diff-lcs (~> 1.3)
      pastel (~> 0.7.2)
      tty-prompt (~> 0.18)
    tty-prompt (0.21.0)
      necromancer (~> 0.5.0)
      pastel (~> 0.7.0)
      tty-reader (~> 0.7.0)
    tty-reader (0.7.0)
      tty-cursor (~> 0.7)
      tty-screen (~> 0.7)
      wisper (~> 2.0.0)
    tty-screen (0.8.1)
    wisper (2.0.1)

PLATFORMS
  x86_64-linux

DEPENDENCIES
  mkaudit!
  rake (~> 13.0)
  rspec (~> 3.0)

BUNDLED WITH
   2.2.5
